GEM
  remote: https://rubygems.org/
  specs:
    minitest (5.9.0)

PLATFORMS
  ruby

DEPENDENCIES
  minitest (~> 5.9)

BUNDLED WITH
   1.11.2
